PATH
  remote: .
  specs:
    ruby_on_daves (0.0.6)
      erubis (~> 2.7)
      multi_json (~> 1.15)
      rack (~> 2.2)
      sqlite3 (~> 1.4.2)

GEM
  remote: https://rubygems.org/
  specs:
    erubis (2.7.0)
    minitest (5.14.2)
    multi_json (1.15.0)
    rack (2.2.3)
    rack-test (1.1.0)
      rack (>= 1.0, < 3)
    rake (12.3.3)
    sqlite3 (1.4.2)

PLATFORMS
  ruby

DEPENDENCIES
  minitest (~> 5.0)
  rack-test (~> 1.1)
  rake (~> 12.0)
  ruby_on_daves!

BUNDLED WITH
   2.1.4
